GEM
  remote: https://rubygems.org/
  specs:
    http_router (0.11.2)
      rack (>= 1.0.0)
      url_mount (~> 0.2.1)
    lotus-router (0.4.3)
      http_router (~> 0.11)
      lotus-utils (~> 0.5, >= 0.5.1)
    lotus-utils (0.5.2)
    rack (1.6.4)
    url_mount (0.2.1)
      rack

PLATFORMS
  ruby

DEPENDENCIES
  lotus-router
  rack (~> 1.6, >= 1.6.4)

BUNDLED WITH
   1.10.6
